GEM
  remote: https://rubygems.org/
  specs:
    dalli (2.7.4)
    faraday (0.9.2)
      multipart-post (>= 1.2, < 3)
    faraday_middleware (0.10.0)
      faraday (>= 0.7.4, < 0.10)
    gemstash (1.0.0.pre.1)
      dalli (~> 2.7)
      faraday (~> 0.9)
      faraday_middleware (~> 0.10)
      lru_redux (~> 1.1)
      puma (~> 2.14)
      sequel (~> 4.26)
      sinatra (~> 1.4)
      sqlite3 (~> 1.3)
      thor (~> 0.19)
    lru_redux (1.1.0)
    multipart-post (2.0.0)
    pg (0.18.4)
    puma (2.15.3)
    rack (1.6.4)
    rack-protection (1.5.3)
      rack
    sequel (4.29.0)
    sinatra (1.4.6)
      rack (~> 1.4)
      rack-protection (~> 1.4)
      tilt (>= 1.3, < 3)
    sqlite3 (1.3.11)
    thor (0.19.1)
    tilt (2.0.1)

PLATFORMS
  ruby

DEPENDENCIES
  gemstash
  pg

BUNDLED WITH
   1.10.6
